GEM
  remote: https://rubygems.org/
  specs:
    rspec-core (3.13.0)
      rspec-support (~> 3.13.0)
    rspec-support (3.13.1)

PLATFORMS
  arm64-darwin-23
  ruby

DEPENDENCIES
  rspec-core

BUNDLED WITH
   2.5.6
